GEM
  remote: https://rubygems.org/
  specs:
    addressable (2.3.2)
    backports (3.3.0)
    barby (0.5.1)
    chunky_png (1.2.8)
    eventmachine (1.0.3)
    faraday (0.8.5)
      multipart-post (~> 1.1)
    gphoto4ruby (0.4.4)
    json (1.7.7)
    koala (1.6.0)
      addressable (~> 2.2)
      faraday (~> 0.8)
      multi_json (~> 1.3)
    multi_json (1.7.2)
    multipart-post (1.1.5)
    rack (1.5.2)
    rack-protection (1.5.0)
      rack
    rack-test (0.6.2)
      rack (>= 1.0)
    redis (3.0.2)
    rmagick (2.13.1)
    sinatra (1.4.2)
      rack (~> 1.5, >= 1.5.2)
      rack-protection (~> 1.4)
      tilt (~> 1.3, >= 1.3.4)
    sinatra-contrib (1.4.0)
      backports (>= 2.0)
      eventmachine
      rack-protection
      rack-test
      sinatra (~> 1.4.2)
      tilt (~> 1.3)
    tilt (1.3.7)

PLATFORMS
  ruby

DEPENDENCIES
  barby
  chunky_png
  gphoto4ruby
  json
  koala
  redis
  rmagick
  sinatra
  sinatra-contrib
